GEM
  specs:
    chunky_png (1.3.11)

PLATFORMS
  ruby

DEPENDENCIES
  chunky_png

BUNDLED WITH
   2.0.1
